GEM
  remote: https://rubygems.org/
  specs:
    activesupport (5.2.0)
      concurrent-ruby (~> 1.0, >= 1.0.2)
      i18n (>= 0.7, < 2)
      minitest (~> 5.1)
      tzinfo (~> 1.1)
    aws-sdk-core (2.2.0)
      jmespath (~> 1.0)
    aws-sdk-resources (2.2.0)
      aws-sdk-core (= 2.2.0)
    blobstore_client (1.3232.0)
      aws-sdk-resources (= 2.2.0)
      bosh_common (~> 1.3232.0)
      httpclient (= 2.7.1)
      multi_json (~> 1.1)
    bosh-template (1.3232.0)
      semi_semantic (~> 1.1.0)
    bosh_cli (1.3232.0)
      blobstore_client (~> 1.3232.0)
      bosh-template (~> 1.3232.0)
      bosh_common (~> 1.3232.0)
      cf-uaa-lib (~> 3.2.1)
      highline (~> 1.6.2)
      httpclient (= 2.7.1)
      json_pure (~> 1.7)
      minitar (~> 0.5.4)
      net-scp (~> 1.1.0)
      net-ssh (= 2.9.2)
      net-ssh-gateway (~> 1.2.0)
      netaddr (~> 1.5.0)
      progressbar (~> 0.9.0)
      sshkey (~> 1.7.0)
      terminal-table (~> 1.4.3)
    bosh_common (1.3232.0)
      logging (~> 1.8.2)
      semi_semantic (~> 1.1.0)
    cf-uaa-lib (3.2.5)
      multi_json
    concurrent-ruby (1.0.5)
    highline (1.6.21)
    httpclient (2.7.1)
    i18n (1.0.1)
      concurrent-ruby (~> 1.0)
    jmespath (1.2.4)
      json_pure (>= 1.8.1)
    json_pure (1.8.3)
    little-plugger (1.1.4)
    logging (1.8.2)
      little-plugger (>= 1.1.3)
      multi_json (>= 1.8.4)
    minitar (0.5.4)
    minitest (5.11.3)
    multi_json (1.12.1)
    net-scp (1.1.2)
      net-ssh (>= 2.6.5)
    net-ssh (2.9.2)
    net-ssh-gateway (1.2.0)
      net-ssh (>= 2.6.5)
    netaddr (1.5.1)
    progressbar (0.9.2)
    semi_semantic (1.1.0)
    sshkey (1.7.0)
    terminal-table (1.4.5)
    thread_safe (0.3.6)
    tzinfo (1.2.5)
      thread_safe (~> 0.1)

PLATFORMS
  ruby

DEPENDENCIES
  activesupport
  bosh_cli

BUNDLED WITH
   1.16.1
